GEM
  remote: https://rubygems.org/
  specs:
    benchmark (0.2.1)
    coderay (1.1.3)
    method_source (1.0.0)
    pry (0.14.2)
      coderay (~> 1.1)
      method_source (~> 1.0)

PLATFORMS
  ruby

DEPENDENCIES
  benchmark
  pry

BUNDLED WITH
   1.17.2
